GEM
  remote: https://rubygems.org/
  specs:
    activesupport (6.0.3.1)
      concurrent-ruby (~> 1.0, >= 1.0.2)
      i18n (>= 0.7, < 2)
      minitest (~> 5.1)
      tzinfo (~> 1.1)
      zeitwerk (~> 2.2, >= 2.2.2)
    colored (1.2)
    commonmarker (0.20.0)
      ruby-enum (~> 0.5)
    concurrent-ruby (1.1.6)
    escape_utils (1.2.1)
    extended-markdown-filter (0.7.0)
      html-pipeline (~> 2.9)
    ffi (1.10.0)
    gemoji (3.0.0)
    gist (5.0.0)
    graphql (1.9.4)
    graphql-docs (1.8.0)
      commonmarker (~> 0.16)
      escape_utils (~> 1.2)
      extended-markdown-filter (~> 0.4)
      gemoji (~> 3.0)
      graphql (~> 1.8)
      html-pipeline (~> 2.9)
      sass (~> 3.4)
    html-pipeline (2.11.0)
      activesupport (>= 2)
      nokogiri (>= 1.4)
    i18n (1.8.2)
      concurrent-ruby (~> 1.0)
    mini_portile2 (2.4.0)
    minitest (5.14.1)
    nokogiri (1.10.2)
      mini_portile2 (~> 2.4.0)
    rake (12.3.2)
    rb-fsevent (0.10.3)
    rb-inotify (0.10.0)
      ffi (~> 1.0)
    ruby-enum (0.7.2)
      i18n
    sass (3.7.4)
      sass-listen (~> 4.0.0)
    sass-listen (4.0.0)
      rb-fsevent (~> 0.9, >= 0.9.4)
      rb-inotify (~> 0.9, >= 0.9.7)
    thread_safe (0.3.6)
    tzinfo (1.2.7)
      thread_safe (~> 0.1)
    zeitwerk (2.3.0)

PLATFORMS
  ruby

DEPENDENCIES
  colored (~> 1.2)
  gist (~> 5.0)
  graphql-docs (~> 1.8)
  rake (~> 12.3)

BUNDLED WITH
   2.0.1
